PATH
  remote: .
  specs:
    sortiri (0.1.0)
      activerecord (>= 4.2)
      activesupport (>= 4.2)

GEM
  remote: https://rubygems.org/
  specs:
    activemodel (6.1.0)
      activesupport (= 6.1.0)
    activerecord (6.1.0)
      activemodel (= 6.1.0)
      activesupport (= 6.1.0)
    activesupport (6.1.0)
      concurrent-ruby (~> 1.0, >= 1.0.2)
      i18n (>= 1.6, < 2)
      minitest (>= 5.1)
      tzinfo (~> 2.0)
      zeitwerk (~> 2.3)
    ast (2.4.1)
    concurrent-ruby (1.1.7)
    i18n (1.8.6)
      concurrent-ruby (~> 1.0)
    minitest (5.14.2)
    mocha (1.12.0)
    parallel (1.20.1)
    parser (3.0.0.0)
      ast (~> 2.4.1)
    rainbow (3.0.0)
    rake (12.3.3)
    regexp_parser (2.0.3)
    rexml (3.2.4)
    rubocop (1.7.0)
      parallel (~> 1.10)
      parser (>= 2.7.1.5)
      rainbow (>= 2.2.2, < 4.0)
      regexp_parser (>= 1.8, < 3.0)
      rexml
      rubocop-ast (>= 1.2.0, < 2.0)
      ruby-progressbar (~> 1.7)
      unicode-display_width (>= 1.4.0, < 2.0)
    rubocop-ast (1.4.0)
      parser (>= 2.7.1.5)
    rubocop-rake (0.5.1)
      rubocop
    ruby-progressbar (1.11.0)
    sqlite3 (1.4.2)
    temping (3.10.0)
      activerecord (>= 4.2)
      activesupport (>= 4.2)
    tzinfo (2.0.4)
      concurrent-ruby (~> 1.0)
    unicode-display_width (1.7.0)
    zeitwerk (2.4.2)

PLATFORMS
  ruby

DEPENDENCIES
  minitest (~> 5.0)
  mocha (~> 1.12)
  rake (~> 12.0)
  rubocop (~> 1.7)
  rubocop-rake (~> 0.5.1)
  sortiri!
  sqlite3 (~> 1.4.0)
  temping (~> 3.10)

BUNDLED WITH
   2.1.4
